GEM
  remote: https://rubygems.org/
  specs:
<<<<<<< HEAD
    coderay (1.1.2)
    method_source (0.9.2)
    pry (0.12.2)
      coderay (~> 1.1.0)
      method_source (~> 0.9.0)
=======
>>>>>>> b1a86351372e2cef7634ea82e261e9bf663fddc7

PLATFORMS
  ruby

DEPENDENCIES
<<<<<<< HEAD
  pry
=======
>>>>>>> b1a86351372e2cef7634ea82e261e9bf663fddc7

BUNDLED WITH
   2.0.1
